GEM
  remote: http://rubygems.org/
  specs:
    haml (3.1.4)
    json (1.6.5)
    mime-types (1.17.2)
    rack (1.4.0)
    rack-protection (1.1.4)
      rack
    rest-client (1.6.7)
      mime-types (>= 1.16)
    sinatra (1.3.1)
      rack (~> 1.3, >= 1.3.4)
      rack-protection (~> 1.1, >= 1.1.2)
      tilt (~> 1.3, >= 1.3.3)
    tilt (1.3.3)

PLATFORMS
  ruby

DEPENDENCIES
  haml
  json
  rack (~> 1.1)
  rest-client
  sinatra
